PATH
  remote: .
  specs:
    rinruby (2.0.3)

GEM
  remote: https://rubygems.org/
  specs:
    diff-lcs (1.2.3)
    hoe (3.5.3)
      rake (>= 0.8, < 11.0)
    rake (10.0.4)
    rspec (2.13.0)
      rspec-core (~> 2.13.0)
      rspec-expectations (~> 2.13.0)
      rspec-mocks (~> 2.13.0)
    rspec-core (2.13.1)
    rspec-expectations (2.13.0)
      diff-lcs (>= 1.1.3, < 2.0)
    rspec-mocks (2.13.1)

PLATFORMS
  ruby

DEPENDENCIES
  hoe
  rake
  rinruby!
  rspec
